GEM
  remote: https://rubygems.org/
  specs:
    diff-lcs (1.3)
    lemmatizer (0.1.1)
    mini_portile2 (2.3.0)
    nokogiri (1.8.1)
      mini_portile2 (~> 2.3.0)
    rspec (2.14.1)
      rspec-core (~> 2.14.0)
      rspec-expectations (~> 2.14.0)
      rspec-mocks (~> 2.14.0)
    rspec-core (2.14.8)
    rspec-expectations (2.14.5)
      diff-lcs (>= 1.1.3, < 2.0)
    rspec-mocks (2.14.6)
    tokenizer (0.3.0)

PLATFORMS
  ruby

DEPENDENCIES
  lemmatizer
  nokogiri
  rspec (= 2.14.1)
  tokenizer

BUNDLED WITH
   1.16.0.pre.3
